GEM
  remote: https://rubygems.org/
  specs:
    bourbon-compass (3.2.0.beta.1.a)
      compass (>= 0.13.alpha.10)
      sass (>= 3.3.0.rc.1)
    breakpoint (2.4.1)
      compass (~> 1.0.0.alpha.13)
      sass (~> 3.3.0.rc.2)
      sassy-maps (< 1.0.0)
    chunky_png (1.3.0)
    compass (1.0.0.alpha.18)
      chunky_png (~> 1.2)
      compass-core (~> 1.0.0.alpha.17)
      compass-import-once (~> 1.0.2)
      json
      listen (~> 1.1.0)
      sass (~> 3.3.0.rc.3)
    compass-core (1.0.0.alpha.17)
      multi_json (~> 1.0)
      sass (>= 3.3.rc.3)
    compass-import-once (1.0.2)
    ffi (1.9.3)
    json (1.8.1)
    listen (1.1.6)
      rb-fsevent (>= 0.9.3)
      rb-inotify (>= 0.9)
      rb-kqueue (>= 0.2)
    multi_json (1.9.0)
    neat-compass (1.5.0)
      bourbon-compass (>= 3.1.3)
      compass (>= 0.11)
      sass (>= 3.2)
    rake (10.1.1)
    rb-fsevent (0.9.4)
    rb-inotify (0.9.3)
      ffi (>= 0.5.0)
    rb-kqueue (0.2.2)
      ffi (>= 0.5.0)
    sass (3.3.0.rc.6)
      rake
    sassy-maps (0.3.2)
      compass (~> 1.0.0.alpha.13)
      sass (~> 3.3.0.rc.2)

PLATFORMS
  ruby

DEPENDENCIES
  bourbon-compass (= 3.2.0.beta.1.a)
  breakpoint (~> 2.4.0)
  compass (~> 1.0.0.alpha.18)
  neat-compass (= 1.5.0)
  sass (~> 3.3.0.rc.2)
